GEM
  remote: https://rubygems.org/
  specs:
    cool.io (1.3.0)
    fluent-plugin-kafka (0.2.2)
      fluentd (>= 0.10.58, < 2)
      ltsv
      poseidon_cluster
      ruby-kafka (~> 0.3.9)
      zookeeper
    fluentd (0.12.5)
      cool.io (>= 1.2.2, < 2.0.0)
      http_parser.rb (>= 0.5.1, < 0.7.0)
      json (>= 1.4.3)
      msgpack (>= 0.5.11, < 0.6.0)
      sigdump (~> 0.2.2)
      string-scrub (>= 0.0.3)
      tzinfo (>= 1.0.0)
      tzinfo-data (>= 1.0.0)
      yajl-ruby (~> 1.0)
    http_parser.rb (0.6.0)
    json (1.8.2)
    ltsv (0.1.0)
    msgpack (0.5.11)
    poseidon (0.0.5)
    poseidon_cluster (0.3.3)
      poseidon (>= 0.0.5, < 0.1.0)
      zk
    ruby-kafka (0.3.12)
    sigdump (0.2.2)
    string-scrub (0.0.5)
    thread_safe (0.3.4)
    tzinfo (1.2.2)
      thread_safe (~> 0.1)
    tzinfo-data (1.2015.1)
      tzinfo (>= 1.0.0)
    yajl-ruby (1.2.1)
    zk (1.9.6)
      zookeeper (~> 1.4.0)
    zookeeper (1.4.11)

PLATFORMS
  ruby

DEPENDENCIES
  fluent-plugin-kafka
  fluentd

BUNDLED WITH
   1.11.2
