GEM
  remote: https://rubygems.org/
  specs:
    ffi (1.9.14)
    io-like (0.3.0)
    kgio (2.9.3)
    rack (1.6.0)
    rack-protection (1.5.3)
      rack
    raindrops (0.15.0)
    ruby-xz (0.2.3)
      ffi (~> 1.9)
      io-like (~> 0.3)
    sinatra (1.4.6)
      rack (~> 1.4)
      rack-protection (~> 1.4)
      tilt (>= 1.3, < 3)
    tilt (2.0.1)
    unicorn (4.9.0)
      kgio (~> 2.6)
      rack
      raindrops (~> 0.7)

PLATFORMS
  ruby

DEPENDENCIES
  ruby-xz
  sinatra
  unicorn

BUNDLED WITH
   1.11.2
